GEM
  remote: https://rubygems.org/
  specs:
    blankslate (2.1.2.4)
    mixlib-shellout (2.2.7)
    parslet (1.5.0)
      blankslate (~> 2.0)
    rack (2.0.3)
    toml (0.1.2)
      parslet (~> 1.5.0)

PLATFORMS
  ruby

DEPENDENCIES
  mixlib-shellout
  rack
  toml

BUNDLED WITH
   1.14.6
